PATH
  remote: .
  specs:
    dhl_ecommerce (0.1.1)
      httparty

GEM
  remote: https://rubygems.org/
  specs:
    awesome_print (1.8.0)
    coderay (1.1.2)
    diff-lcs (1.3)
    httparty (0.18.1)
      mime-types (~> 3.0)
      multi_xml (>= 0.5.2)
    method_source (0.9.2)
    mime-types (3.3.1)
      mime-types-data (~> 3.2015)
    mime-types-data (3.2021.0225)
    multi_xml (0.6.0)
    pry (0.12.2)
      coderay (~> 1.1.0)
      method_source (~> 0.9.0)
    rake (13.0.1)
    rspec (3.9.0)
      rspec-core (~> 3.9.0)
      rspec-expectations (~> 3.9.0)
      rspec-mocks (~> 3.9.0)
    rspec-core (3.9.0)
      rspec-support (~> 3.9.0)
    rspec-expectations (3.9.0)
      diff-lcs (>= 1.2.0, < 2.0)
      rspec-support (~> 3.9.0)
    rspec-mocks (3.9.0)
      diff-lcs (>= 1.2.0, < 2.0)
      rspec-support (~> 3.9.0)
    rspec-support (3.9.0)

PLATFORMS
  ruby

DEPENDENCIES
  awesome_print
  bundler (~> 2.0)
  dhl_ecommerce!
  pry
  rake (~> 13.0)
  rspec (~> 3.0)

BUNDLED WITH
   2.1.4
